{
	"Modality": "MR",
	"MagneticFieldStrength": 3,
	"ImagingFrequency": 123.252072,
	"Manufacturer": "Siemens",
	"ManufacturersModelName": "MAGNETOM Vida",
	"InstitutionName": "UNIVERSITY OF SOUTH CAROLINA",
	"InstitutionalDepartmentName": "None",
	"InstitutionAddress": " ,COLUMBIA,SOUTH CAROLINA,US,",
	"DeviceSerialNumber": "177514",
	"StationName": "AWP177514",
	"SeriesInstanceUID": "1.3.12.2.1107.5.2.50.177514.2026051212064434834322023.0.0.0",
	"StudyInstanceUID": "1.3.12.2.1107.5.2.50.177514.30000026050821155700000000005",
	"StudyID": "3715ef8f-3387-41",
	"BodyPart": "BRAIN",
	"PatientPosition": "HFS",
	"ProcedureStepDescription": "crlab vida",
	"SoftwareVersions": "syngo MR XA60",
	"MRAcquisitionType": "2D",
	"StudyDescription": "crlab AgingBrain",
	"SeriesDescription": "dwi-dwi_acq-AP",
	"ProtocolName": "dwi-dwi_acq-AP",
	"ScanningSequence": "EP",
	"SequenceVariant": "SK\\SP",
	"PulseSequenceType": "Multiband Gradient Echo EPI",
	"ScanOptions": "FS",
	"SequenceName": "*epse2d1_100",
	"ImageType": ["ORIGINAL", "PRIMARY", "DIFFUSION", "NONE", "MAGNITUDE"],
	"ImageTypeText": ["ORIGINAL", "PRIMARY", "DIFFUSION", "NONE", "ND", "NORM", "DRB"],
	"NonlinearGradientCorrection": false,
	"SeriesNumber": 11,
	"AcquisitionTime": "12:07:01.610000",
	"AcquisitionDateTime": "2026-05-12T12:07:01.610000",
	"AcquisitionNumber": 1,
	"SliceThickness": 2.2,
	"SpacingBetweenSlices": 2.2,
	"TablePosition": [
		0,
		0,
		-0	],
	"EchoTime": 0.096,
	"RepetitionTime": 5.2,
	"MTState": false,
	"SpoilingState": false,
	"FlipAngle": 90,
	"BaseResolution": 100,
	"ShimSetting": [
		-2876,
		-8861,
		-8883,
		659,
		-21,
		-14,
		622,
		263	],
	"DiffusionScheme": "Monopolar",
	"TxRefAmp": 453.945,
	"PhaseResolution": 1,
	"ReceiveCoilName": "HeadNeck_20_TCS",
	"ReceiveCoilActiveElements": "HE1-4;NE2",
	"CoilString": "1",
	"PulseSequenceDetails": "%SiemensSeq%\\ep2d_diff",
	"RefLinesPE": 19,
	"CoilCombinationMethod": "Adaptive Combine",
	"ConsistencyInfo": "66010002",
	"MatrixCoilMode": "None",
	"MultibandAccelerationFactor": 2,
	"PercentPhaseFOV": 100,
	"PercentSampling": 100,
	"EchoTrainLength": 100,
	"PhaseEncodingSteps": 100,
	"FrequencyEncodingSteps": 100,
	"AcquisitionMatrixPE": 100,
	"ReconMatrixPE": 100,
	"BandwidthPerPixelPhaseEncode": 17.857,
	"ParallelReductionFactorInPlane": 1,
	"ParallelAcquisitionTechnique": "SMS",
	"ParallelReductionFactorOutOfPlane": 1,
	"EffectiveEchoSpacing": 0.000560004,
	"DerivedVendorReportedEchoSpacing": 0.000560004,
	"AcquisitionDuration": 208.987,
	"NumberOfKSpaceTrajectories": 1,
	"TotalReadoutTime": 0.0554404,
	"PixelBandwidth": 2174,
	"DwellTime": 2.3e-06,
	"PhaseEncodingDirection": "j-",
	"SliceTiming": [
		0,
		2.685,
		0.1925,
		2.8775,
		0.3825,
		3.07,
		0.575,
		3.2625,
		0.7675,
		3.4525,
		0.96,
		3.645,
		1.15,
		3.8375,
		1.3425,
		4.03,
		1.535,
		4.22,
		1.7275,
		4.4125,
		1.9175,
		4.605,
		2.11,
		4.795,
		2.3025,
		4.9875,
		2.495,
		0,
		2.685,
		0.1925,
		2.8775,
		0.3825,
		3.07,
		0.575,
		3.2625,
		0.7675,
		3.4525,
		0.96,
		3.645,
		1.15,
		3.8375,
		1.3425,
		4.03,
		1.535,
		4.22,
		1.7275,
		4.4125,
		1.9175,
		4.605,
		2.11,
		4.795,
		2.3025,
		4.9875,
		2.495	],
	"ImageOrientationPatientDICOM": [
		0.999062,
		0.015581,
		0.040413,
		-0.00871862,
		0.986301,
		-0.164726	],
	"InPlanePhaseEncodingDirectionDICOM": "COL",
	"BidsGuess": ["dwi","_acq-epse2m2_dir-AP_run-11_dwi"],
	"ConversionSoftware": "dcm2niix",
	"ConversionSoftwareVersion": "v1.0.20260627"
}
